GEM
  remote: https://rubygems.org/
  specs:
    json (2.2.0)
    power_assert (1.1.5)
    rake (13.0.0)
    test-unit (3.3.4)
      power_assert

PLATFORMS
  ruby

DEPENDENCIES
  json
  rake
  test-unit

RUBY VERSION
   ruby 2.6.4p104

BUNDLED WITH
   1.17.2
