GEM
  remote: https://rubygems.org/
  specs:
    mustermann (1.0.3)
    power_assert (1.1.5)
    rack (2.1.4)
    rack-protection (2.0.7)
      rack
    rack-test (1.1.0)
      rack (>= 1.0, < 3)
    sinatra (2.0.7)
      mustermann (~> 1.0)
      rack (~> 2.0)
      rack-protection (= 2.0.7)
      tilt (~> 2.0)
    test-unit (3.3.4)
      power_assert
    tilt (2.0.10)

PLATFORMS
  ruby

DEPENDENCIES
  rack
  rack-test
  sinatra
  test-unit

RUBY VERSION
   ruby 2.6.4p104

BUNDLED WITH
   1.17.2
